GEM
  remote: http://rubygems.org/
  specs:
    coffee-script (2.2.0)
      coffee-script-source
      execjs
    coffee-script-source (1.6.3)
    execjs (2.0.2)
    filewatcher (0.1.9)
      trollop (>= 1.16.2)
    hike (1.2.3)
    multi_json (1.8.1)
    rack (1.5.2)
    rake (10.1.0)
    sass (3.2.12)
    sprockets (2.10.0)
      hike (~> 1.2)
      multi_json (~> 1.0)
      rack (~> 1.0)
      tilt (~> 1.1, != 1.3.0)
    tilt (1.4.1)
    trollop (2.0)

PLATFORMS
  ruby

DEPENDENCIES
  coffee-script
  filewatcher
  rake
  sass
  sprockets
